GEM
  remote: https://rubygems.org/
  specs:
    actionpack (7.1.3.4)
      actionview (= 7.1.3.4)
      activesupport (= 7.1.3.4)
      nokogiri (>= 1.8.5)
      racc
      rack (>= 2.2.4)
      rack-session (>= 1.0.1)
      rack-test (>= 0.6.3)
      rails-dom-testing (~> 2.2)
      rails-html-sanitizer (~> 1.6)
    actionview (7.1.3.4)
      activesupport (= 7.1.3.4)
      builder (~> 3.1)
      erubi (~> 1.11)
      rails-dom-testing (~> 2.2)
      rails-html-sanitizer (~> 1.6)
    activesupport (7.1.3.4)
      base64
      bigdecimal
      concurrent-ruby (~> 1.0, >= 1.0.2)
      connection_pool (>= 2.2.5)
      drb
      i18n (>= 1.6, < 2)
      minitest (>= 5.1)
      mutex_m
      tzinfo (~> 2.0)
    addressable (2.8.7)
      public_suffix (>= 2.0.2, < 7.0)
    ast (2.4.2)
    aws-eventstream (1.3.0)
    aws-partitions (1.1036.0)
    aws-sdk-core (3.215.0)
      aws-eventstream (~> 1, >= 1.3.0)
      aws-partitions (~> 1, >= 1.992.0)
      aws-sigv4 (~> 1.9)
      jmespath (~> 1, >= 1.6.1)
    aws-sdk-kms (1.96.0)
      aws-sdk-core (~> 3, >= 3.210.0)
      aws-sigv4 (~> 1.5)
    aws-sdk-s3 (1.177.0)
      aws-sdk-core (~> 3, >= 3.210.0)
      aws-sdk-kms (~> 1)
      aws-sigv4 (~> 1.5)
    aws-sigv4 (1.11.0)
      aws-eventstream (~> 1, >= 1.0.2)
    base64 (0.2.0)
    bigdecimal (3.1.9)
    builder (3.2.4)
    capybara (3.40.0)
      addressable
      matrix
      mini_mime (>= 0.1.3)
      nokogiri (~> 1.11)
      rack (>= 1.6.0)
      rack-test (>= 0.6.3)
      regexp_parser (>= 1.5, < 3.0)
      xpath (~> 3.2)
    concurrent-ruby (1.3.4)
    connection_pool (2.5.0)
    coveralls_reborn (0.28.0)
      simplecov (~> 0.22.0)
      term-ansicolor (~> 1.7)
      thor (~> 1.2)
      tins (~> 1.32)
    crass (1.0.6)
    csv (3.3.2)
    cucumber (9.2.1)
      builder (~> 3.2)
      cucumber-ci-environment (> 9, < 11)
      cucumber-core (> 13, < 14)
      cucumber-cucumber-expressions (~> 17.0)
      cucumber-gherkin (> 24, < 28)
      cucumber-html-formatter (> 20.3, < 22)
      cucumber-messages (> 19, < 25)
      diff-lcs (~> 1.5)
      mini_mime (~> 1.1)
      multi_test (~> 1.1)
      sys-uname (~> 1.2)
    cucumber-ci-environment (10.0.1)
    cucumber-core (13.0.2)
      cucumber-gherkin (>= 27, < 28)
      cucumber-messages (>= 20, < 23)
      cucumber-tag-expressions (> 5, < 7)
    cucumber-cucumber-expressions (17.1.0)
      bigdecimal
    cucumber-gherkin (27.0.0)
      cucumber-messages (>= 19.1.4, < 23)
    cucumber-html-formatter (21.3.1)
      cucumber-messages (> 19, < 25)
    cucumber-messages (22.0.0)
    cucumber-tag-expressions (6.1.1)
    curb (1.0.6)
    diff-lcs (1.5.1)
    docile (1.4.1)
    drb (2.2.1)
    erubi (1.13.1)
    erubis (2.7.0)
    escape_utils (1.3.0)
    excon (1.2.3)
    faraday (2.12.2)
      faraday-net_http (>= 2.0, < 3.5)
      json
      logger
    faraday-net_http (3.4.0)
      net-http (>= 0.5.0)
    ffi (1.17.1)
    foreman (0.88.1)
    hashie (5.0.0)
    heroics (0.1.3)
      base64
      erubis (~> 2.0)
      excon
      moneta
      multi_json (>= 1.9.2)
      webrick
    highline (3.0.1)
    httparty (0.22.0)
      csv
      mini_mime (>= 1.0.0)
      multi_xml (>= 0.5.2)
    i18n (1.14.6)
      concurrent-ruby (~> 1.0)
    i18n-tasks (1.0.14)
      activesupport (>= 4.0.2)
      ast (>= 2.1.0)
      erubi
      highline (>= 2.0.0)
      i18n
      parser (>= 3.2.2.1)
      rails-i18n
      rainbow (>= 2.2.2, < 4.0)
      terminal-table (>= 1.5.1)
    io-console (0.7.2)
    irb (1.14.3)
      rdoc (>= 4.0.0)
      reline (>= 0.4.2)
    jmespath (1.6.2)
    json (2.9.1)
    language_server-protocol (3.17.0.3)
    listen (3.9.0)
      rb-fsevent (~> 0.10, >= 0.10.3)
      rb-inotify (~> 0.9, >= 0.9.10)
    logger (1.6.5)
    loofah (2.24.0)
      crass (~> 1.0.2)
      nokogiri (>= 1.12.0)
    matrix (0.4.2)
    mini_mime (1.1.5)
    mini_portile2 (2.8.8)
    minitest (5.24.1)
    moneta (1.0.0)
    money (6.19.0)
      i18n (>= 0.6.4, <= 2)
    multi_json (1.15.0)
    multi_test (1.1.0)
    multi_xml (0.7.1)
      bigdecimal (~> 3.1)
    mustermann (3.0.3)
      ruby2_keywords (~> 0.0.1)
    mutex_m (0.2.0)
    net-http (0.6.0)
      uri
    nio4r (2.7.4)
    nokogiri (1.18.1)
      mini_portile2 (~> 2.8.2)
      racc (~> 1.4)
    oauth (1.1.0)
      oauth-tty (~> 1.0, >= 1.0.1)
      snaky_hash (~> 2.0)
      version_gem (~> 1.1)
    oauth-tty (1.0.5)
      version_gem (~> 1.1, >= 1.1.1)
    parallel (1.24.0)
    parser (3.3.6.0)
      ast (~> 2.4.1)
      racc
    platform-api (3.7.0)
      heroics (~> 0.1.1)
      moneta (~> 1.0.0)
      rate_throttle_client (~> 0.1.0)
    prism (1.3.0)
    psych (5.1.2)
      stringio
    public_suffix (6.0.1)
    puma (6.5.0)
      nio4r (~> 2.0)
    r18n-core (3.0.5)
    racc (1.8.1)
    rack (3.0.11)
    rack-protection (4.0.0)
      base64 (>= 0.1.0)
      rack (>= 3.0.0, < 4)
    rack-session (2.0.0)
      rack (>= 3.0.0)
    rack-ssl-enforcer (0.2.9)
    rack-test (2.2.0)
      rack (>= 1.3)
    rackup (2.1.0)
      rack (>= 3)
      webrick (~> 1.8)
    rails-dom-testing (2.2.0)
      activesupport (>= 5.0.0)
      minitest
      nokogiri (>= 1.6)
    rails-html-sanitizer (1.6.2)
      loofah (~> 2.21)
      nokogiri (>= 1.15.7, != 1.16.7, != 1.16.6, != 1.16.5, != 1.16.4, != 1.16.3, != 1.16.2, != 1.16.1, != 1.16.0.rc1, != 1.16.0)
    rails-i18n (7.0.9)
      i18n (>= 0.7, < 2)
      railties (>= 6.0.0, < 8)
    railties (7.1.3.4)
      actionpack (= 7.1.3.4)
      activesupport (= 7.1.3.4)
      irb
      rackup (>= 1.0.0)
      rake (>= 12.2)
      thor (~> 1.0, >= 1.2.2)
      zeitwerk (~> 2.6)
    rainbow (3.1.1)
    rake (13.2.1)
    rate_throttle_client (0.1.2)
    rb-fsevent (0.11.2)
    rb-inotify (0.11.1)
      ffi (~> 1.0)
    rbs (3.5.2)
      logger
    rdoc (6.7.0)
      psych (>= 4.0.0)
    recaptcha (5.17.0)
    redcarpet (3.6.0)
    regexp_parser (2.10.0)
    reline (0.5.10)
      io-console (~> 0.5)
    rerun (0.14.0)
      listen (~> 3.0)
    rspec (3.13.0)
      rspec-core (~> 3.13.0)
      rspec-expectations (~> 3.13.0)
      rspec-mocks (~> 3.13.0)
    rspec-core (3.13.2)
      rspec-support (~> 3.13.0)
    rspec-expectations (3.13.3)
      diff-lcs (>= 1.2.0, < 2.0)
      rspec-support (~> 3.13.0)
    rspec-html-matchers (0.10.0)
      nokogiri (~> 1)
      rspec (>= 3.0.0.a)
    rspec-mocks (3.13.2)
      diff-lcs (>= 1.2.0, < 2.0)
      rspec-support (~> 3.13.0)
    rspec-support (3.13.2)
    rubocop (1.70.0)
      json (~> 2.3)
      language_server-protocol (>= 3.17.0)
      parallel (~> 1.10)
      parser (>= 3.3.0.2)
      rainbow (>= 2.2.2, < 4.0)
      regexp_parser (>= 2.9.3, < 3.0)
      rubocop-ast (>= 1.36.2, < 2.0)
      ruby-progressbar (~> 1.7)
      unicode-display_width (>= 2.4.0, < 4.0)
    rubocop-ast (1.37.0)
      parser (>= 3.3.1.0)
    ruby-lsp (0.23.5)
      language_server-protocol (~> 3.17.0)
      prism (>= 1.2, < 2.0)
      rbs (>= 3, < 4)
      sorbet-runtime (>= 0.5.10782)
    ruby-progressbar (1.13.0)
    ruby2_keywords (0.0.5)
    simplecov (0.22.0)
      docile (~> 1.1)
      simplecov-html (~> 0.11)
      simplecov_json_formatter (~> 0.1)
    simplecov-html (0.12.3)
    simplecov-lcov (0.8.0)
    simplecov_json_formatter (0.1.4)
    sinatra (4.0.0)
      mustermann (~> 3.0)
      rack (>= 3.0.0, < 4)
      rack-protection (= 4.0.0)
      rack-session (>= 2.0.0, < 3)
      tilt (~> 2.0)
    sinatra-flash (0.3.0)
      sinatra (>= 1.0.0)
    sinatra-r18n (3.0.5)
      r18n-core (= 3.0.5)
      sinatra (>= 1.3)
    snaky_hash (2.0.1)
      hashie
      version_gem (~> 1.1, >= 1.1.1)
    sorbet-runtime (0.5.11755)
    stringio (3.1.2)
    sync (0.5.0)
    sys-uname (1.2.3)
      ffi (~> 1.1)
    term-ansicolor (1.8.0)
      tins (~> 1.0)
    terminal-table (3.0.2)
      unicode-display_width (>= 1.1.1, < 3)
    thor (1.3.2)
    tilt (2.3.0)
    tins (1.33.0)
      bigdecimal
      sync
    tzinfo (2.0.6)
      concurrent-ruby (~> 1.0)
    tzinfo-data (1.2024.2)
      tzinfo (>= 1.0.0)
    unicode-display_width (2.5.0)
    uri (0.13.0)
    version_gem (1.1.4)
    webrick (1.9.1)
    xpath (3.2.0)
      nokogiri (~> 1.8)
    zeitwerk (2.6.16)

PLATFORMS
  ruby

DEPENDENCIES
  aws-sdk-s3
  capybara
  coveralls_reborn
  cucumber
  curb
  escape_utils
  faraday
  foreman
  httparty
  i18n
  i18n-tasks
  json
  money
  nokogiri
  oauth
  platform-api
  puma
  rack-ssl-enforcer
  rack-test
  rackup (~> 2.1)
  rake
  recaptcha
  redcarpet
  rerun
  rspec
  rspec-html-matchers
  rubocop
  ruby-lsp
  simplecov
  simplecov-lcov
  sinatra
  sinatra-flash
  sinatra-r18n
  tzinfo
  tzinfo-data

RUBY VERSION
   ruby 3.3.1p55

BUNDLED WITH
   2.5.10
