GEM
  remote: https://rubygems.org/
  specs:
    backports (3.15.0)
    builder (3.2.4)
    concurrent-ruby (1.1.5)
    coveralls (0.7.2)
      multi_json (~> 1.3)
      rest-client (= 1.6.7)
      simplecov (>= 0.7)
      term-ansicolor (= 1.2.2)
      thor (= 0.18.1)
    cucumber (3.1.2)
      builder (>= 2.1.2)
      cucumber-core (~> 3.2.0)
      cucumber-expressions (~> 6.0.1)
      cucumber-wire (~> 0.0.1)
      diff-lcs (~> 1.3)
      gherkin (~> 5.1.0)
      multi_json (>= 1.7.5, < 2.0)
      multi_test (>= 0.1.2)
    cucumber-core (3.2.1)
      backports (>= 3.8.0)
      cucumber-tag_expressions (~> 1.1.0)
      gherkin (~> 5.0)
    cucumber-expressions (6.0.1)
    cucumber-tag_expressions (1.1.1)
    cucumber-wire (0.0.1)
    curb (0.9.10)
    daemons (1.3.1)
    diff-lcs (1.3)
    docile (1.3.2)
    erubis (2.7.0)
    escape_utils (1.2.1)
    eventmachine (1.2.7)
    excon (0.71.1)
    foreman (0.86.0)
    gherkin (5.1.0)
    heroics (0.0.25)
      erubis (~> 2.0)
      excon
      moneta
      multi_json (>= 1.9.2)
    i18n (1.7.0)
      concurrent-ruby (~> 1.0)
    json (2.3.0)
    libxml-ruby (3.1.0)
    mime-types (3.3)
      mime-types-data (~> 3.2015)
    mime-types-data (3.2019.1009)
    mini_portile2 (2.4.0)
    moneta (1.0.0)
    money (6.13.6)
      i18n (>= 0.6.4, <= 2)
    multi_json (1.14.1)
    multi_test (0.1.2)
    mustermann (1.0.3)
    nokogiri (1.10.8)
      mini_portile2 (~> 2.4.0)
    oauth (0.5.4)
    pdf-core (0.7.0)
    platform-api (2.2.0)
      heroics (~> 0.0.25)
      moneta (~> 1.0.0)
    prawn (2.2.2)
      pdf-core (~> 0.7.0)
      ttfunk (~> 1.5)
    r18n-core (3.2.0)
    rack (2.2.3)
    rack-protection (2.0.7)
      rack
    rack-ssl-enforcer (0.2.9)
    rack-test (1.1.0)
      rack (>= 1.0, < 3)
    redcarpet (3.5.0)
    rest-client (1.6.7)
      mime-types (>= 1.16)
    rspec (3.9.0)
      rspec-core (~> 3.9.0)
      rspec-expectations (~> 3.9.0)
      rspec-mocks (~> 3.9.0)
    rspec-core (3.9.0)
      rspec-support (~> 3.9.0)
    rspec-expectations (3.9.0)
      diff-lcs (>= 1.2.0, < 2.0)
      rspec-support (~> 3.9.0)
    rspec-mocks (3.9.0)
      diff-lcs (>= 1.2.0, < 2.0)
      rspec-support (~> 3.9.0)
    rspec-support (3.9.0)
    simplecov (0.17.1)
      docile (~> 1.1)
      json (>= 1.8, < 3)
      simplecov-html (~> 0.10.0)
    simplecov-html (0.10.2)
    sinatra (2.0.7)
      mustermann (~> 1.0)
      rack (~> 2.0)
      rack-protection (= 2.0.7)
      tilt (~> 2.0)
    sinatra-flash (0.3.0)
      sinatra (>= 1.0.0)
    sinatra-r18n (3.2.0)
      r18n-core (= 3.2.0)
      sinatra (>= 1.3, < 3)
    term-ansicolor (1.2.2)
      tins (~> 0.8)
    thin (1.7.2)
      daemons (~> 1.0, >= 1.0.9)
      eventmachine (~> 1.0, >= 1.0.4)
      rack (>= 1, < 3)
    thor (0.18.1)
    tilt (2.0.10)
    tins (0.13.2)
    ttfunk (1.5.1)
    tzinfo (2.0.0)
      concurrent-ruby (~> 1.0)
    tzinfo-data (1.2019.3)
      tzinfo (>= 1.0.0)
    webrat (0.7.3)
      nokogiri (>= 1.2.0)
      rack (>= 1.0)
      rack-test (>= 0.5.3)

PLATFORMS
  ruby

DEPENDENCIES
  coveralls
  cucumber
  curb
  escape_utils
  foreman
  i18n
  json
  libxml-ruby
  money
  oauth
  platform-api
  prawn
  rack-ssl-enforcer
  redcarpet
  rspec
  simplecov
  sinatra
  sinatra-flash
  sinatra-r18n
  thin
  tzinfo
  tzinfo-data
  webrat

RUBY VERSION
   ruby 2.6.4p104

BUNDLED WITH
   2.0.2
