GEM
  remote: https://rubygems.org/
  specs:
    activesupport (6.1.3.2)
      concurrent-ruby (~> 1.0, >= 1.0.2)
      i18n (>= 1.6, < 2)
      minitest (>= 5.1)
      tzinfo (~> 2.0)
      zeitwerk (~> 2.3)
    addressable (2.8.0)
      public_suffix (>= 2.0.2, < 5.0)
    builder (3.2.4)
    capybara (3.35.3)
      addressable
      mini_mime (>= 0.1.3)
      nokogiri (~> 1.8)
      rack (>= 1.6.0)
      rack-test (>= 0.6.3)
      regexp_parser (>= 1.5, < 3.0)
      xpath (~> 3.2)
    concurrent-ruby (1.1.9)
    coveralls_reborn (0.22.0)
      simplecov (>= 0.18.1, < 0.22.0)
      term-ansicolor (~> 1.6)
      thor (>= 0.20.3, < 2.0)
      tins (~> 1.16)
    cucumber (6.1.0)
      builder (~> 3.2, >= 3.2.4)
      cucumber-core (~> 9.0, >= 9.0.1)
      cucumber-create-meta (~> 4.0, >= 4.0.0)
      cucumber-cucumber-expressions (~> 12.1, >= 12.1.1)
      cucumber-gherkin (~> 18.1, >= 18.1.0)
      cucumber-html-formatter (~> 13.0, >= 13.0.0)
      cucumber-messages (~> 15.0, >= 15.0.0)
      cucumber-wire (~> 5.0, >= 5.0.1)
      diff-lcs (~> 1.4, >= 1.4.4)
      mime-types (~> 3.3, >= 3.3.1)
      multi_test (~> 0.1, >= 0.1.2)
      sys-uname (~> 1.2, >= 1.2.2)
    cucumber-core (9.0.1)
      cucumber-gherkin (~> 18.1, >= 18.1.0)
      cucumber-messages (~> 15.0, >= 15.0.0)
      cucumber-tag-expressions (~> 3.0, >= 3.0.1)
    cucumber-create-meta (4.0.0)
      cucumber-messages (~> 15.0, >= 15.0.0)
      sys-uname (~> 1.2, >= 1.2.2)
    cucumber-cucumber-expressions (12.1.1)
    cucumber-gherkin (18.1.1)
      cucumber-messages (~> 15.0, >= 15.0.0)
    cucumber-html-formatter (13.0.0)
      cucumber-messages (~> 15.0, >= 15.0.0)
    cucumber-messages (15.0.0)
      protobuf-cucumber (~> 3.10, >= 3.10.8)
    cucumber-tag-expressions (3.0.1)
    cucumber-wire (5.0.1)
      cucumber-core (~> 9.0, >= 9.0.1)
      cucumber-cucumber-expressions (~> 12.1, >= 12.1.1)
      cucumber-messages (~> 15.0, >= 15.0.0)
    curb (0.9.10)
    daemons (1.3.1)
    diff-lcs (1.4.4)
    docile (1.4.0)
    erubis (2.7.0)
    escape_utils (1.2.1)
    eventmachine (1.2.7)
    excon (0.76.0)
    ffi (1.15.1)
    foreman (0.87.2)
    heroics (0.1.1)
      erubis (~> 2.0)
      excon
      moneta
      multi_json (>= 1.9.2)
    i18n (1.8.10)
      concurrent-ruby (~> 1.0)
    json (2.5.1)
    libxml-ruby (3.2.0)
    middleware (0.1.0)
    mime-types (3.3.1)
      mime-types-data (~> 3.2015)
    mime-types-data (3.2021.0225)
    mini_mime (1.1.0)
    mini_portile2 (2.5.1)
    minitest (5.14.4)
    moneta (1.0.0)
    money (6.13.8)
      i18n (>= 0.6.4, <= 2)
    multi_json (1.15.0)
    multi_test (0.1.2)
    mustermann (1.1.1)
      ruby2_keywords (~> 0.0.1)
    nokogiri (1.11.5)
      mini_portile2 (~> 2.5.0)
      racc (~> 1.4)
    oauth (0.5.5)
    pdf-core (0.8.1)
    platform-api (3.0.0)
      heroics (~> 0.1.1)
      moneta (~> 1.0.0)
      rate_throttle_client (~> 0.1.0)
    prawn (2.3.0)
      pdf-core (~> 0.8.1)
      ttfunk (~> 1.6)
    protobuf-cucumber (3.10.8)
      activesupport (>= 3.2)
      middleware
      thor
      thread_safe
    public_suffix (4.0.6)
    r18n-core (4.0.0)
    racc (1.5.2)
    rack (2.2.3)
    rack-protection (2.0.8.1)
      rack
    rack-proxy (0.7.0)
      rack
    rack-reverse-proxy (0.12.0)
      rack (>= 1.0.0)
      rack-proxy (~> 0.6, >= 0.6.1)
    rack-ssl-enforcer (0.2.9)
    rack-test (1.1.0)
      rack (>= 1.0, < 3)
    rate_throttle_client (0.1.2)
    redcarpet (3.5.1)
    regexp_parser (2.1.1)
    rspec (3.9.0)
      rspec-core (~> 3.9.0)
      rspec-expectations (~> 3.9.0)
      rspec-mocks (~> 3.9.0)
    rspec-core (3.9.2)
      rspec-support (~> 3.9.3)
    rspec-expectations (3.9.2)
      diff-lcs (>= 1.2.0, < 2.0)
      rspec-support (~> 3.9.0)
    rspec-html-matchers (0.9.4)
      nokogiri (~> 1)
      rspec (>= 3.0.0.a, < 4)
    rspec-mocks (3.9.1)
      diff-lcs (>= 1.2.0, < 2.0)
      rspec-support (~> 3.9.0)
    rspec-support (3.9.3)
    ruby2_keywords (0.0.2)
    simplecov (0.21.2)
      docile (~> 1.1)
      simplecov-html (~> 0.11)
      simplecov_json_formatter (~> 0.1)
    simplecov-html (0.12.3)
    simplecov_json_formatter (0.1.3)
    sinatra (2.0.8.1)
      mustermann (~> 1.0)
      rack (~> 2.0)
      rack-protection (= 2.0.8.1)
      tilt (~> 2.0)
    sinatra-flash (0.3.0)
      sinatra (>= 1.0.0)
    sinatra-r18n (4.0.0)
      r18n-core (= 4.0.0)
      sinatra (>= 1.3, < 3)
    sync (0.5.0)
    sys-uname (1.2.2)
      ffi (~> 1.1)
    term-ansicolor (1.7.1)
      tins (~> 1.0)
    thin (1.7.2)
      daemons (~> 1.0, >= 1.0.9)
      eventmachine (~> 1.0, >= 1.0.4)
      rack (>= 1, < 3)
    thor (1.1.0)
    thread_safe (0.3.6)
    tilt (2.0.10)
    tins (1.29.1)
      sync
    ttfunk (1.6.2.1)
    tzinfo (2.0.4)
      concurrent-ruby (~> 1.0)
    tzinfo-data (1.2020.1)
      tzinfo (>= 1.0.0)
    xpath (3.2.0)
      nokogiri (~> 1.8)
    zeitwerk (2.4.2)

PLATFORMS
  ruby

DEPENDENCIES
  capybara
  coveralls_reborn
  cucumber
  curb
  escape_utils
  foreman
  i18n
  json
  libxml-ruby
  money
  oauth
  platform-api
  prawn
  rack-reverse-proxy
  rack-ssl-enforcer
  redcarpet
  rspec
  rspec-html-matchers (~> 0.9.4)
  simplecov
  sinatra
  sinatra-flash
  sinatra-r18n
  thin
  tzinfo
  tzinfo-data

RUBY VERSION
   ruby 2.7.4p191

BUNDLED WITH
   2.1.4
